PATH
  remote: .
  specs:
    sidekiq_alive (2.1.7)
      sidekiq (>= 5, < 7)
      webrick (>= 1, < 2)

GEM
  remote: https://rubygems.org/
  specs:
    coderay (1.1.3)
    connection_pool (2.3.0)
    diff-lcs (1.5.0)
    method_source (1.0.0)
    mock_redis (0.34.0)
      ruby2_keywords
    pry (0.14.1)
      coderay (~> 1.1)
      method_source (~> 1.0)
    rack (2.2.4)
    rack-test (2.0.2)
      rack (>= 1.3)
    rake (13.0.6)
    redis (4.8.0)
    rspec (3.11.0)
      rspec-core (~> 3.11.0)
      rspec-expectations (~> 3.11.0)
      rspec-mocks (~> 3.11.0)
    rspec-core (3.11.0)
      rspec-support (~> 3.11.0)
    rspec-expectations (3.11.1)
      diff-lcs (>= 1.2.0, < 2.0)
      rspec-support (~> 3.11.0)
    rspec-mocks (3.11.1)
      diff-lcs (>= 1.2.0, < 2.0)
      rspec-support (~> 3.11.0)
    rspec-sidekiq (3.1.0)
      rspec-core (~> 3.0, >= 3.0.0)
      sidekiq (>= 2.4.0)
    rspec-support (3.11.1)
    ruby2_keywords (0.0.5)
    sidekiq (6.5.7)
      connection_pool (>= 2.2.5)
      rack (~> 2.0)
      redis (>= 4.5.0, < 5)
    webrick (1.7.0)

PLATFORMS
  aarch64-linux
  arm64-darwin-21
  x86_64-linux

DEPENDENCIES
  bundler (> 1.16)
  mock_redis
  pry
  rack-test
  rake (~> 13.0)
  rspec (~> 3.0)
  rspec-sidekiq (~> 3.0)
  sidekiq_alive!

BUNDLED WITH
   2.3.22
